GEM
  remote: https://rubygems.org/
  specs:
    dotenv (2.0.2)
    faraday (0.9.2)
      multipart-post (>= 1.2, < 3)
    mimemagic (0.3.0)
    multipart-post (2.0.0)
    sendgrid-ruby (1.1.5)
      faraday (~> 0.9)
      mimemagic
      smtpapi (~> 0.1)
    smtpapi (0.1.0)

PLATFORMS
  ruby

DEPENDENCIES
  dotenv (< 3.0.0)
  sendgrid-ruby (= 1.1.5)

BUNDLED WITH
   1.10.6
