GEM
  remote: https://rubygems.org/
  specs:
    dotenv (2.0.2)
    ruby_http_client (3.5.2)
    sendgrid-ruby (6.4.0)
      ruby_http_client (~> 3.4)

PLATFORMS
  ruby

DEPENDENCIES
  dotenv
  sendgrid-ruby (= 6.4.0)

BUNDLED WITH
   1.17.2
