GEM
  remote: https://rubygems.org/
  specs:
    dotenv (0.11.1)
      dotenv-deployment (~> 0.0.2)
    dotenv-deployment (0.0.2)
    mime-types (2.2)
    rest-client (1.6.7)
      mime-types (>= 1.16)
    sendgrid_ruby (0.0.1)
      rest-client
      smtpapi
    smtpapi (0.0.2)

PLATFORMS
  ruby

DEPENDENCIES
  dotenv
  sendgrid_ruby
